PATH
  remote: .
  specs:
    shoulda-let (0.0.1)
      shoulda

GEM
  remote: http://rubygems.org/
  specs:
    rake (0.9.2)
    shoulda (2.11.3)
    test-unit (2.5.1)

PLATFORMS
  ruby

DEPENDENCIES
  rake
  shoulda (~> 2.11)
  shoulda-let!
  test-unit (>= 2.5.1)
