PATH
  remote: .
  specs:
    shoulda-let (0.0.3)
      shoulda

GEM
  remote: http://rubygems.org/
  specs:
    activesupport (3.2.9)
      i18n (~> 0.6)
      multi_json (~> 1.0)
    appraisal (0.5.1)
      bundler
      rake
    bourne (1.1.2)
      mocha (= 0.10.5)
    bump (0.3.7)
    i18n (0.6.1)
    metaclass (0.0.1)
    mocha (0.10.5)
      metaclass (~> 0.0.1)
    multi_json (1.5.0)
    rake (10.0.2)
    shoulda (3.3.2)
      shoulda-context (~> 1.0.1)
      shoulda-matchers (~> 1.4.1)
    shoulda-context (1.0.1)
    shoulda-matchers (1.4.2)
      activesupport (>= 3.0.0)
      bourne (~> 1.1.2)
    test-unit (2.5.3)

PLATFORMS
  ruby

DEPENDENCIES
  appraisal
  bump
  rake
  shoulda-let!
  test-unit (>= 2.5.1)
