PATH
  remote: .
  specs:
    shoulda-let (0.0.6)
      shoulda

GEM
  remote: https://rubygems.org/
  specs:
    activesupport (4.0.1)
      i18n (~> 0.6, >= 0.6.4)
      minitest (~> 4.2)
      multi_json (~> 1.3)
      thread_safe (~> 0.1)
      tzinfo (~> 0.3.37)
    appraisal (0.5.1)
      bundler
      rake
    atomic (1.1.15)
    bump (0.3.7)
    i18n (0.6.9)
    minitest (4.7.5)
    multi_json (1.9.2)
    rake (10.0.2)
    shoulda (3.5.0)
      shoulda-context (~> 1.0, >= 1.0.1)
      shoulda-matchers (>= 1.4.1, < 3.0)
    shoulda-context (1.1.6)
    shoulda-matchers (2.5.0)
      activesupport (>= 3.0.0)
    test-unit (2.5.3)
    thread_safe (0.1.3)
      atomic
    tzinfo (0.3.39)
    wwtd (0.4.6)

PLATFORMS
  ruby

DEPENDENCIES
  appraisal
  bump
  rake
  shoulda-let!
  test-unit (>= 2.5.1)
  wwtd
