PATH
  remote: .
  specs:
    shoulda-let (0.0.5)
      shoulda

GEM
  remote: https://rubygems.org/
  specs:
    activesupport (3.2.13)
      i18n (= 0.6.1)
      multi_json (~> 1.0)
    appraisal (0.5.1)
      bundler
      rake
    bourne (1.4.0)
      mocha (~> 0.13.2)
    bump (0.3.7)
    i18n (0.6.1)
    metaclass (0.0.1)
    mocha (0.13.3)
      metaclass (~> 0.0.1)
    multi_json (1.7.3)
    rake (10.0.2)
    shoulda (3.4.0)
      shoulda-context (~> 1.0, >= 1.0.1)
      shoulda-matchers (~> 1.0, >= 1.4.1)
    shoulda-context (1.1.1)
    shoulda-matchers (1.5.6)
      activesupport (>= 3.0.0)
      bourne (~> 1.3)
    test-unit (2.5.3)

PLATFORMS
  ruby

DEPENDENCIES
  appraisal
  bump
  rake
  shoulda-let!
  test-unit (>= 2.5.1)
