PATH
  remote: .
  specs:
    shoulda-let (0.0.3)
      shoulda

GEM
  remote: http://rubygems.org/
  specs:
    activesupport (3.2.8)
      i18n (~> 0.6)
      multi_json (~> 1.0)
    appraisal (0.4.1)
      bundler
      rake
    i18n (0.6.0)
    multi_json (1.3.6)
    rake (0.9.2.2)
    shoulda (3.1.1)
      shoulda-context (~> 1.0)
      shoulda-matchers (~> 1.2)
    shoulda-context (1.0.0)
    shoulda-matchers (1.2.0)
      activesupport (>= 3.0.0)
    test-unit (2.5.1)

PLATFORMS
  ruby

DEPENDENCIES
  appraisal
  rake
  shoulda-let!
  test-unit (>= 2.5.1)
